PATH
  remote: .
  specs:
    classic_pagination (0.0.1)

GEM
  remote: https://rubygems.org/
  specs:
    power_assert (2.0.1)
    rake (13.0.6)
    test-unit (3.5.3)
      power_assert

PLATFORMS
  x86_64-darwin-21

DEPENDENCIES
  bundler (>= 1.15.4)
  classic_pagination!
  rake (>= 12.0.0)
  test-unit (>= 3.2.5)

BUNDLED WITH
   2.2.32
