PATH
  remote: .
  specs:
    classic_pagination (1.0.0)

GEM
  remote: https://rubygems.org/
  specs:
    power_assert (2.0.1)
    rake (0.9.6)
    test-unit (3.5.3)
      power_assert

PLATFORMS
  ruby
  x86_64-darwin-21

DEPENDENCIES
  bundler (= 2.1.4)
  classic_pagination!
  rake (~> 0.9.2)
  test-unit (= 3.5.3)

BUNDLED WITH
   2.2.32
